GEM
  remote: http://rubygems.org/
  specs:
    akami (1.2.0)
      gyoku (>= 0.4.0)
      nokogiri (>= 1.4.0)
    builder (3.2.2)
    cucumber (1.3.6)
      builder (>= 2.1.2)
      diff-lcs (>= 1.1.3)
      gherkin (~> 2.12.0)
      multi_json (~> 1.7.5)
      multi_test (>= 0.0.2)
    diff-lcs (1.2.4)
    gherkin (2.12.1-x86-mingw32)
      multi_json (~> 1.3)
    gyoku (0.4.6)
      builder (>= 2.1.2)
    httparty (0.11.0)
      multi_json (~> 1.0)
      multi_xml (>= 0.5.2)
    httpi (1.1.1)
      rack
    interswitch-rest-secure (1.0.2)
    mini_portile (0.5.1)
    multi_json (1.7.9)
    multi_test (0.0.2)
    multi_xml (0.5.5)
    nokogiri (1.6.0-x86-mingw32)
      mini_portile (~> 0.5.0)
    nori (1.1.5)
    rack (1.5.2)
    rspec (2.14.1)
      rspec-core (~> 2.14.0)
      rspec-expectations (~> 2.14.0)
      rspec-mocks (~> 2.14.0)
    rspec-core (2.14.5)
    rspec-expectations (2.14.2)
      diff-lcs (>= 1.1.3, < 2.0)
    rspec-mocks (2.14.3)
    savon (1.2.0)
      akami (~> 1.2.0)
      builder (>= 2.1.2)
      gyoku (~> 0.4.5)
      httpi (~> 1.1.0)
      nokogiri (>= 1.4.0)
      nori (~> 1.1.0)
      wasabi (~> 2.5.0)
    test_xml (0.1.6)
      nokogiri (>= 1.3.2)
    wasabi (2.5.1)
      httpi (~> 1.0)
      nokogiri (>= 1.4.0)

PLATFORMS
  x86-mingw32

DEPENDENCIES
  cucumber
  httparty
  interswitch-rest-secure
  rspec
  savon (= 1.2.0)
  test_xml
